GEM
  remote: http://rubygems.org/
  specs:
    beefcake (0.5.0)
    ceedling (0.15.6)
      rake (>= 0.8.7)
      thor (>= 0.14.5)
    diff-lcs (1.2.5)
    kinetic-ruby (0.6.3)
      beefcake
      rake (>= 0.9.2.2)
      rspec
    rake (10.3.2)
    rspec (3.0.0)
      rspec-core (~> 3.0.0)
      rspec-expectations (~> 3.0.0)
      rspec-mocks (~> 3.0.0)
    rspec-core (3.0.3)
      rspec-support (~> 3.0.0)
    rspec-expectations (3.0.3)
      diff-lcs (>= 1.2.0, < 2.0)
      rspec-support (~> 3.0.0)
    rspec-mocks (3.0.3)
      rspec-support (~> 3.0.0)
    rspec-support (3.0.3)
    thor (0.19.1)

PLATFORMS
  ruby

DEPENDENCIES
  bundler (>= 1.3.5)
  ceedling (>= 0.15)
  kinetic-ruby
